GEM
  remote: http://rubygems.org/
  specs:
    hashie (3.6.0)
    omniauth (1.9.0)
      hashie (>= 3.4.6, < 3.7.0)
      rack (>= 1.6.2, < 3)
    rack (2.0.7)

PLATFORMS
  ruby

DEPENDENCIES
  omniauth
